GEM
  remote: https://rubygems.org/
  specs:
    ember-data-source (1.0.0.beta.10)
      ember-source
    ember-source (1.8.0.beta.1)
      handlebars-source (~> 1.0)
    handlebars-source (1.3.0)

PLATFORMS
  ruby

DEPENDENCIES
  ember-data-source (~> 1.0.0.beta.10)
  ember-source (~> 1.8.0.beta.1)
